GEM
  remote: http://rubygems.org/
  specs:
    cinch (2.0.3)
    curb (0.8.1)
    nokogiri (1.5.5)
    wolfram (0.1.2)
      nokogiri (>= 1.4.3)

PLATFORMS
  ruby

DEPENDENCIES
  cinch
  curb
  nokogiri
  wolfram
