GEM
  remote: http://rubygems.org/
  specs:
    cinch (2.0.3)
    curb (0.8.1)
    nokogiri (1.5.5)

PLATFORMS
  ruby

DEPENDENCIES
  cinch
  curb
  nokogiri
